GEM
  remote: https://rubygems.org/
  specs:
    bson (1.8.2)
    bson_ext (1.8.2)
      bson (~> 1.8.2)
    coderay (1.0.9)
    daemons (1.1.9)
    diff-lcs (1.2.1)
    eventmachine (1.0.1)
    ffi (1.2.1)
    guard (1.5.4)
      listen (>= 0.4.2)
      lumberjack (>= 1.0.2)
      pry (>= 0.9.10)
      thor (>= 0.14.6)
    guard-rake (0.0.7)
      guard
      rake
    guard-shotgun (0.2.0)
      ffi (~> 1.2.0)
      guard (~> 1.5.4)
      spoon (~> 0.0.1)
    json (1.7.7)
    json_spec (1.1.0)
      multi_json (~> 1.0)
      rspec (~> 2.0)
    listen (0.7.3)
    lumberjack (1.0.2)
    method_source (0.8.1)
    mongo (1.8.2)
      bson (~> 1.8.2)
    multi_json (1.6.1)
    pry (0.9.12)
      coderay (~> 1.0.5)
      method_source (~> 0.8)
      slop (~> 3.4)
    rack (1.5.2)
    rack-protection (1.4.0)
      rack
    rack-test (0.6.2)
      rack (>= 1.0)
    rake (10.0.3)
    rb-fsevent (0.9.3)
    rb-inotify (0.9.0)
      ffi (>= 0.5.0)
    rspec (2.13.0)
      rspec-core (~> 2.13.0)
      rspec-expectations (~> 2.13.0)
      rspec-mocks (~> 2.13.0)
    rspec-core (2.13.0)
    rspec-expectations (2.13.0)
      diff-lcs (>= 1.1.3, < 2.0)
    rspec-mocks (2.13.0)
    shotgun (0.9)
      rack (>= 1.0)
    sinatra (1.3.5)
      rack (~> 1.4)
      rack-protection (~> 1.3)
      tilt (~> 1.3, >= 1.3.3)
    sinatra-jsonapi (0.0.3)
      json
      sinatra
    sinatra-mongo (0.1.0)
      mongo
      sinatra (>= 0.9.4)
    slop (3.4.3)
    spoon (0.0.1)
    thin (1.5.0)
      daemons (>= 1.0.9)
      eventmachine (>= 0.12.6)
      rack (>= 1.0.0)
    thor (0.17.0)
    tilt (1.3.4)

PLATFORMS
  ruby

DEPENDENCIES
  bson_ext (= 1.8.2)
  guard (= 1.5.4)
  guard-rake (= 0.0.7)
  guard-shotgun (= 0.2.0)
  json_spec (= 1.1.0)
  rack-test (= 0.6.2)
  rake (= 10.0.3)
  rb-fsevent (= 0.9.3)
  rb-inotify (= 0.9.0)
  rspec (= 2.13.0)
  shotgun (= 0.9)
  sinatra (= 1.3.5)
  sinatra-jsonapi (= 0.0.3)
  sinatra-mongo (= 0.1.0)
  thin (= 1.5.0)
